GEM
  remote: https://rubygems.org/
  specs:
    language_server-protocol (3.17.0.3)
    logger (1.6.4)
    prism (1.3.0)
    rbs (3.8.1)
      logger
    ruby-lsp (0.22.1)
      language_server-protocol (~> 3.17.0)
      prism (>= 1.2, < 2.0)
      rbs (>= 3, < 4)
      sorbet-runtime (>= 0.5.10782)
    sorbet-runtime (0.5.11718)

PLATFORMS
  x86_64-linux

DEPENDENCIES
  ruby-lsp (~> 0.22.1)

BUNDLED WITH
   2.4.19
