PATH
  remote: .
  specs:
    canvas_mimetype_fu (0.0.1)

GEM
  remote: https://rubygems.org/
  specs:
    diff-lcs (1.5.0)
    docile (1.4.0)
    json (2.6.3)
    rake (13.0.6)
    rspec (3.12.0)
      rspec-core (~> 3.5.0)
      rspec-expectations (~> 3.5.0)
      rspec-mocks (~> 3.5.0)
    rspec-core (3.12.1)
      rspec-support (~> 3.5.0)
    rspec-expectations (3.12.2)
      diff-lcs (>= 1.2.0, < 2.0)
      rspec-support (~> 3.5.0)
    rspec-mocks (3.12.5)
      diff-lcs (>= 1.2.0, < 2.0)
      rspec-support (~> 3.5.0)
    rspec-support (3.12.0)
    simplecov (0.22.0)
      docile (~> 1.1.0)
      json (>= 1.8, < 3)
      simplecov-html (~> 0.10.0)
    simplecov-html (0.12.3)

PLATFORMS
  arm64-darwin-21

DEPENDENCIES
  bundler (~> 2.2)
  canvas_mimetype_fu!
  rake
  rspec (~> 3.5.0)
  simplecov (= 0.14.1)

BUNDLED WITH
   2.4.10
